GEM
  remote: https://rubygems.org/
  remote: https://rails-assets.org/
  specs:
    better_errors (2.1.1)
      coderay (>= 1.0.0)
      erubis (>= 2.6.6)
      rack (>= 0.9.0)
    binding_of_caller (0.7.2)
      debug_inspector (>= 0.0.1)
    byebug (5.0.0)
      columnize (= 0.9.0)
    coderay (1.1.0)
    coffee-script (2.4.1)
      coffee-script-source
      execjs
    coffee-script-source (1.9.1.1)
    columnize (0.9.0)
    daemons (1.2.3)
    debug_inspector (0.0.2)
    erubis (2.7.0)
    eventmachine (1.0.7)
    execjs (2.5.2)
    haml (4.0.6)
      tilt
    hike (1.2.3)
    json (1.8.3)
    mail (2.6.3)
      mime-types (>= 1.16, < 3)
    method_source (0.8.2)
    mime-types (2.6.1)
    multi_json (1.11.2)
    pony (1.11)
      mail (>= 2.0)
    pry (0.10.1)
      coderay (~> 1.1.0)
      method_source (~> 0.8.1)
      slop (~> 3.4)
    pry-byebug (3.2.0)
      byebug (~> 5.0)
      pry (~> 0.10)
    r18n-core (2.0.4)
    rack (1.6.4)
    rack-protection (1.5.3)
      rack
    rails-assets-bootstrap (3.3.5)
      rails-assets-jquery (>= 1.9.1)
    rails-assets-jquery (2.1.4)
    rake (10.4.2)
    sass (3.4.16)
    sinatra (1.4.6)
      rack (~> 1.4)
      rack-protection (~> 1.4)
      tilt (>= 1.3, < 3)
    sinatra-asset-pipeline (0.7.0)
      coffee-script (~> 2.3)
      rake (~> 10.0)
      sass (~> 3.1)
      sinatra (~> 1.4)
      sprockets (~> 2.12)
      sprockets-helpers (~> 1.1)
      sprockets-sass (~> 1.2)
    sinatra-partial (0.4.0)
      sinatra
    sinatra-r18n (2.0.4)
      r18n-core (= 2.0.4)
      sinatra (>= 1.3)
    slop (3.6.0)
    sprockets (2.12.4)
      hike (~> 1.2)
      multi_json (~> 1.0)
      rack (~> 1.0)
      tilt (~> 1.1, != 1.3.0)
    sprockets-helpers (1.2.1)
      sprockets (>= 2.2)
    sprockets-sass (1.3.1)
      sprockets (~> 2.0)
      tilt (~> 1.1)
    thin (1.6.3)
      daemons (~> 1.0, >= 1.0.9)
      eventmachine (~> 1.0)
      rack (~> 1.0)
    tilt (1.4.1)
    uglifier (2.7.1)
      execjs (>= 0.3.0)
      json (>= 1.8.0)

PLATFORMS
  ruby

DEPENDENCIES
  better_errors
  binding_of_caller
  haml
  pony
  pry-byebug
  rails-assets-bootstrap!
  rails-assets-jquery!
  sinatra
  sinatra-asset-pipeline
  sinatra-partial
  sinatra-r18n
  thin
  uglifier

BUNDLED WITH
   1.10.6
